PATH
  remote: .
  specs:
    gpg_symmetric_c (0.0.0)

GEM
  remote: http://rubygems.org/
  specs:
    diff-lcs (1.1.3)
    rake (0.9.2.2)
    rake-compiler (0.8.1)
      rake
    rr (1.0.4)
    rspec (2.11.0)
      rspec-core (~> 2.11.0)
      rspec-expectations (~> 2.11.0)
      rspec-mocks (~> 2.11.0)
    rspec-core (2.11.1)
    rspec-expectations (2.11.3)
      diff-lcs (~> 1.1.3)
    rspec-mocks (2.11.2)

PLATFORMS
  ruby

DEPENDENCIES
  bundler (~> 1.2.0)
  gpg_symmetric_c!
  rake (~> 0.9.2)
  rake-compiler (~> 0.8.1)
  rr (~> 1.0.4)
  rspec (~> 2.11.0)
